GEM
  remote: https://rubygems.org/
  specs:
    byebug (11.1.3)
    gosu (1.2.0)
    rmagick (4.2.2)

PLATFORMS
  arm64-darwin-20
  x86_64-darwin-20

DEPENDENCIES
  byebug
  gosu
  rmagick

BUNDLED WITH
   2.2.15
